PATH
  remote: .
  specs:
    wst-parser (0.2.1)

GEM
  remote: https://rubygems.org/
  specs:

PLATFORMS
  ruby

DEPENDENCIES
  wst-parser!

BUNDLED WITH
   1.10.6
