PATH
  remote: .
  specs:
    wst-parser (0.1.0)

GEM
  remote: https://rubygems.org/
  specs:

PLATFORMS
  ruby

DEPENDENCIES
  wst-parser!
