PATH
  remote: .
  specs:

GEM
  remote: https://rubygems.org/
  specs:

PLATFORMS
  ruby

DEPENDENCIES
  wst-parser!

BUNDLED WITH
   1.10.6
